PATH
  remote: .
  specs:
    nanoid (2.0.0)

GEM
  remote: https://rubygems.org/
  specs:
    ast (2.4.0)
    benchmark-ips (2.7.2)
    jaro_winkler (1.5.4)
    kwalify (0.7.2)
    minitest (5.12.0)
    parallel (1.19.1)
    parser (2.7.0.5)
      ast (~> 2.4.0)
    psych (3.1.0)
    rainbow (3.0.0)
    rake (12.3.3)
    reek (6.0.0)
      kwalify (~> 0.7.0)
      parser (>= 2.5.0.0, < 2.8, != 2.5.1.1)
      psych (~> 3.1.0)
      rainbow (>= 2.0, < 4.0)
    rubocop (0.79.0)
      jaro_winkler (~> 1.5.1)
      parallel (~> 1.10)
      parser (>= 2.7.0.1)
      rainbow (>= 2.2.2, < 4.0)
      ruby-progressbar (~> 1.7)
      unicode-display_width (>= 1.4.0, < 1.7)
    ruby-progressbar (1.10.1)
    unicode-display_width (1.6.1)

PLATFORMS
  ruby

DEPENDENCIES
  benchmark-ips (>= 2.7)
  bundler (>= 1.15)
  minitest (>= 5.10)
  nanoid!
  rake (>= 12.0)
  reek (>= 5.0)
  rubocop (>= 0.5)

RUBY VERSION
   ruby 2.4.2p198

BUNDLED WITH
   1.17.1
